PATH
  remote: ../cli
  specs:
    kontena-cli (1.3.0)
      clamp (~> 1.1.0)
      excon (~> 0.49.0)
      hash_validator (~> 0.7.1)
      launchy (~> 2.4.3)
      liquid (~> 4.0.0)
      opto (= 1.8.5)
      retriable (~> 2.1.0)
      ruby_dig (~> 0.0.2)
      semantic (~> 1.5)
      tty-prompt (= 0.12.0)
      tty-table (~> 0.8.0)
      websocket-driver-kontena (= 0.6.5)

GEM
  remote: https://rubygems.org/
  specs:
    addressable (2.5.1)
      public_suffix (~> 2.0, >= 2.0.2)
    clamp (1.1.2)
    diff-lcs (1.2.5)
    dotenv (2.1.1)
    equatable (0.5.0)
    excon (0.49.0)
    hash_validator (0.7.1)
    kommando (0.1.2)
    launchy (2.4.3)
      addressable (~> 2.3)
    liquid (4.0.0)
    necromancer (0.4.0)
    opto (1.8.5)
    pastel (0.7.1)
      equatable (~> 0.5.0)
      tty-color (~> 0.4.0)
    public_suffix (2.0.5)
    retriable (2.1.0)
    rspec (3.5.0)
      rspec-core (~> 3.5.0)
      rspec-expectations (~> 3.5.0)
      rspec-mocks (~> 3.5.0)
    rspec-core (3.5.3)
      rspec-support (~> 3.5.0)
    rspec-expectations (3.5.0)
      diff-lcs (>= 1.2.0, < 2.0)
      rspec-support (~> 3.5.0)
    rspec-mocks (3.5.0)
      diff-lcs (>= 1.2.0, < 2.0)
      rspec-support (~> 3.5.0)
    rspec-support (3.5.0)
    ruby_dig (0.0.2)
    semantic (1.6.0)
    tty-color (0.4.2)
    tty-cursor (0.4.0)
    tty-prompt (0.12.0)
      necromancer (~> 0.4.0)
      pastel (~> 0.7.0)
      tty-cursor (~> 0.4.0)
      wisper (~> 1.6.1)
    tty-screen (0.5.0)
    tty-table (0.8.0)
      equatable (~> 0.5.0)
      necromancer (~> 0.4.0)
      pastel (~> 0.7.0)
      tty-screen (~> 0.5.0)
      unicode-display_width (~> 1.1.0)
      verse (~> 0.5.0)
    unicode-display_width (1.1.3)
    unicode_utils (1.4.0)
    verse (0.5.0)
      unicode-display_width (~> 1.1.0)
      unicode_utils (~> 1.4.0)
    websocket-driver-kontena (0.6.5)
      websocket-extensions (>= 0.1.0)
    websocket-extensions (0.1.2)
    wisper (1.6.1)

PLATFORMS
  ruby

DEPENDENCIES
  dotenv
  kommando (~> 0.1.2)
  kontena-cli!
  rspec

BUNDLED WITH
   1.15.1
