PATH
  remote: ../cli
  specs:
    kontena-cli (0.16.0.pre6)
      clamp (~> 1.0.0)
      excon (~> 0.49.0)
      hash_validator (~> 0.7.0)
      launchy (~> 2.4.3)
      ruby_dig (~> 0.0.2)
      tty-prompt (~> 0.7.1)

GEM
  remote: https://rubygems.org/
  specs:
    addressable (2.4.0)
    clamp (1.0.1)
    diff-lcs (1.2.5)
    dotenv (2.1.1)
    equatable (0.5.0)
    excon (0.49.0)
    hash_validator (0.7.0)
    kommando (0.0.19)
    kontena-plugin-vagrant (0.2.0.pre2)
      kontena-cli (>= 0.16.0.pre2)
    launchy (2.4.3)
      addressable (~> 2.3)
    necromancer (0.3.0)
    pastel (0.6.1)
      equatable (~> 0.5.0)
      tty-color (~> 0.3.0)
    rspec (3.5.0)
      rspec-core (~> 3.5.0)
      rspec-expectations (~> 3.5.0)
      rspec-mocks (~> 3.5.0)
    rspec-core (3.5.3)
      rspec-support (~> 3.5.0)
    rspec-expectations (3.5.0)
      diff-lcs (>= 1.2.0, < 2.0)
      rspec-support (~> 3.5.0)
    rspec-mocks (3.5.0)
      diff-lcs (>= 1.2.0, < 2.0)
      rspec-support (~> 3.5.0)
    rspec-support (3.5.0)
    ruby_dig (0.0.2)
    tty-color (0.3.0)
    tty-cursor (0.3.0)
    tty-prompt (0.7.1)
      necromancer (~> 0.3.0)
      pastel (~> 0.6.0)
      tty-cursor (~> 0.3.0)
      wisper (~> 1.6.1)
    wisper (1.6.1)

PLATFORMS
  ruby

DEPENDENCIES
  dotenv
  kommando
  kontena-cli!
  kontena-plugin-vagrant (= 0.2.0.pre2)
  rspec

BUNDLED WITH
   1.12.5
