GIT
  remote: https://github.com/kontena/kontena-plugin-vagrant.git
  revision: dcdec527a4658c82a720963c1b9ad43e58dfc76f
  specs:
    kontena-plugin-vagrant (0.1.2)
      kontena-cli (>= 0.15.0.rc1)

PATH
  remote: ../cli
  specs:
    kontena-cli (0.15.1)
      clamp (~> 1.0.0)
      colorize (~> 0.8.1)
      dry-configurable (~> 0.1.6)
      dry-validation (~> 0.8.0)
      excon (~> 0.49.0)
      highline (~> 1.7.8)
      ruby_dig (~> 0.0.2)
      shell-spinner (~> 1.0.4)

GEM
  remote: https://rubygems.org/
  specs:
    clamp (1.0.0)
    colorize (0.8.1)
    concurrent-ruby (1.0.2)
    diff-lcs (1.2.5)
    dotenv (2.1.1)
    dry-configurable (0.1.7)
      concurrent-ruby (~> 1.0)
    dry-container (0.5.0)
      concurrent-ruby (~> 1.0)
      dry-configurable (~> 0.1, >= 0.1.3)
    dry-equalizer (0.2.0)
    dry-logic (0.3.0)
      dry-container (~> 0.2, >= 0.2.6)
      dry-equalizer (~> 0.2)
    dry-monads (0.1.1)
      dry-equalizer
    dry-types (0.8.1)
      concurrent-ruby (~> 1.0)
      dry-configurable (~> 0.1)
      dry-container (~> 0.3)
      dry-equalizer (~> 0.2)
      dry-logic (~> 0.3, >= 0.3.0)
      dry-monads (>= 0.0.1)
      ice_nine (~> 0.11)
      inflecto (~> 0.0.0, >= 0.0.2)
    dry-validation (0.8.0)
      concurrent-ruby (~> 1.0)
      dry-configurable (~> 0.1, >= 0.1.3)
      dry-container (~> 0.2, >= 0.2.8)
      dry-equalizer (~> 0.2)
      dry-logic (~> 0.3, >= 0.3.0)
      dry-types (~> 0.8, >= 0.8.0)
    excon (0.49.0)
    highline (1.7.8)
    ice_nine (0.11.2)
    inflecto (0.0.2)
    kommando (0.0.19)
    rspec (3.5.0)
      rspec-core (~> 3.5.0)
      rspec-expectations (~> 3.5.0)
      rspec-mocks (~> 3.5.0)
    rspec-core (3.5.3)
      rspec-support (~> 3.5.0)
    rspec-expectations (3.5.0)
      diff-lcs (>= 1.2.0, < 2.0)
      rspec-support (~> 3.5.0)
    rspec-mocks (3.5.0)
      diff-lcs (>= 1.2.0, < 2.0)
      rspec-support (~> 3.5.0)
    rspec-support (3.5.0)
    ruby_dig (0.0.2)
    shell-spinner (1.0.4)
      colorize

PLATFORMS
  ruby

DEPENDENCIES
  dotenv
  kommando
  kontena-cli!
  kontena-plugin-vagrant!
  rspec

BUNDLED WITH
   1.10.5
