GIT
  remote: https://github.com/kontena/kontena-plugin-vagrant.git
  revision: dcdec527a4658c82a720963c1b9ad43e58dfc76f
  specs:
    kontena-plugin-vagrant (0.1.2)
      kontena-cli (>= 0.15.0.rc1)

PATH
  remote: ../cli
  specs:
    kontena-cli (0.16.0.pre6)
      clamp (~> 1.0.0)
      dry-configurable (= 0.1.6)
      dry-logic (= 0.3.0)
      dry-monads (= 0.1.1)
      dry-types (= 0.8.0)
      dry-validation (= 0.8.0)
      excon (~> 0.49.0)
      launchy (~> 2.4.3)
      ruby_dig (~> 0.0.2)
      tty-prompt (~> 0.7.1)

GEM
  remote: https://rubygems.org/
  specs:
    addressable (2.4.0)
    clamp (1.0.1)
    concurrent-ruby (1.0.2)
    diff-lcs (1.2.5)
    dotenv (2.1.1)
    dry-configurable (0.1.6)
      concurrent-ruby (~> 1.0)
    dry-container (0.5.0)
      concurrent-ruby (~> 1.0)
      dry-configurable (~> 0.1, >= 0.1.3)
    dry-equalizer (0.2.0)
    dry-logic (0.3.0)
      dry-container (~> 0.2, >= 0.2.6)
      dry-equalizer (~> 0.2)
    dry-monads (0.1.1)
      dry-equalizer
    dry-types (0.8.0)
      concurrent-ruby (~> 1.0)
      dry-configurable (~> 0.1)
      dry-container (~> 0.3)
      dry-equalizer (~> 0.2)
      dry-logic (~> 0.3, >= 0.3.0)
      dry-monads (>= 0.0.1)
      ice_nine (~> 0.11)
      inflecto (~> 0.0.0, >= 0.0.2)
    dry-validation (0.8.0)
      concurrent-ruby (~> 1.0)
      dry-configurable (~> 0.1, >= 0.1.3)
      dry-container (~> 0.2, >= 0.2.8)
      dry-equalizer (~> 0.2)
      dry-logic (~> 0.3, >= 0.3.0)
      dry-types (~> 0.8, >= 0.8.0)
    equatable (0.5.0)
    excon (0.49.0)
    ice_nine (0.11.2)
    inflecto (0.0.2)
    kommando (0.0.19)
    launchy (2.4.3)
      addressable (~> 2.3)
    necromancer (0.3.0)
    pastel (0.6.1)
      equatable (~> 0.5.0)
      tty-color (~> 0.3.0)
    rspec (3.5.0)
      rspec-core (~> 3.5.0)
      rspec-expectations (~> 3.5.0)
      rspec-mocks (~> 3.5.0)
    rspec-core (3.5.3)
      rspec-support (~> 3.5.0)
    rspec-expectations (3.5.0)
      diff-lcs (>= 1.2.0, < 2.0)
      rspec-support (~> 3.5.0)
    rspec-mocks (3.5.0)
      diff-lcs (>= 1.2.0, < 2.0)
      rspec-support (~> 3.5.0)
    rspec-support (3.5.0)
    ruby_dig (0.0.2)
    tty-color (0.3.0)
    tty-cursor (0.3.0)
    tty-prompt (0.7.1)
      necromancer (~> 0.3.0)
      pastel (~> 0.6.0)
      tty-cursor (~> 0.3.0)
      wisper (~> 1.6.1)
    wisper (1.6.1)

PLATFORMS
  ruby

DEPENDENCIES
  dotenv
  kommando
  kontena-cli!
  kontena-plugin-vagrant!
  rspec

BUNDLED WITH
   1.12.5
