GEM
  remote: https://rubygems.org/
  specs:
    acme-client (0.3.4)
      faraday (~> 0.9, >= 0.9.1)
      json-jwt (~> 1.2, >= 1.2.3)
    activemodel (4.2.8)
      activesupport (= 4.2.8)
      builder (~> 3.1)
    activesupport (4.2.8)
      i18n (~> 0.7)
      minitest (~> 5.1)
      thread_safe (~> 0.3, >= 0.3.4)
      tzinfo (~> 1.1)
    addressable (2.3.8)
    authority (3.1.0)
      activesupport (>= 3.0.0)
      rake (>= 0.8.7)
    bcrypt (3.1.11)
    bindata (2.3.1)
    bson (4.2.2)
    builder (3.2.3)
    celluloid (0.17.3)
      celluloid-essentials
      celluloid-extras
      celluloid-fsm
      celluloid-pool
      celluloid-supervision
      timers (>= 4.1.1)
    celluloid-essentials (0.20.5)
      timers (>= 4.1.1)
    celluloid-extras (0.20.5)
      timers (>= 4.1.1)
    celluloid-fsm (0.20.5)
      timers (>= 4.1.1)
    celluloid-pool (0.20.5)
      timers (>= 4.1.1)
    celluloid-supervision (0.20.6)
      timers (>= 4.1.1)
    coercible (1.0.0)
      descendants_tracker (~> 0.0.1)
    crack (0.4.2)
      safe_yaml (~> 1.0.0)
    descendants_tracker (0.0.4)
      thread_safe (~> 0.3, >= 0.3.1)
    diff-lcs (1.3)
    docile (1.1.5)
    dotenv (1.0.2)
    eventmachine (1.2.3)
    faraday (0.9.2)
      multipart-post (>= 1.2, < 3)
    faye-websocket (0.10.7)
      eventmachine (>= 0.12.0)
      websocket-driver (>= 0.5.1)
    ffi (1.9.6)
    hitimes (1.2.4)
    httpclient (2.8.2.3)
    i18n (0.8.4)
    jbuilder (2.2.5)
      activesupport (>= 3.0.0, < 5)
      multi_json (~> 1.2)
    json-jwt (1.5.2)
      activesupport
      bindata
      multi_json (>= 1.3)
      securecompare
      url_safe_base64
    json-serializer (1.0.0)
    jsonpath (0.8.3)
      multi_json
    kontena-websocket-client (0.1.1)
      websocket-driver (~> 0.6.5)
    listen (2.8.3)
      celluloid (>= 0.15.2)
      rb-fsevent (>= 0.9.3)
      rb-inotify (>= 0.9)
    lru_redux (1.1.0)
    minitest (5.10.2)
    mongo (2.4.3)
      bson (>= 4.2.1, < 5.0.0)
    mongoid (5.2.1)
      activemodel (~> 4.0)
      mongo (>= 2.4.1, < 3.0.0)
      origin (~> 2.3)
      tzinfo (>= 0.3.37)
    mongoid-enum (0.4.0)
      mongoid (~> 5.0)
    mongoid-rspec (3.0.0)
      mongoid (~> 5.0)
      rake
      rspec (~> 3.3)
    msgpack (1.0.3)
    multi_json (1.12.1)
    multipart-post (2.0.0)
    mutations (0.8.1)
      activesupport
    origin (2.3.0)
    puma (3.9.1)
    rack (2.0.3)
    rack-attack (5.0.1)
      rack
    rack-test (0.6.2)
      rack (>= 1.0)
    rake (10.4.2)
    random_token (1.1.0)
    rb-fsevent (0.9.4)
    rb-inotify (0.9.5)
      ffi (>= 0.5.0)
    rbtrace (0.4.8)
      ffi (>= 1.0.6)
      msgpack (>= 0.4.3)
      trollop (>= 1.16.2)
    rerun (0.10.0)
      listen (~> 2.7, >= 2.7.3)
    roda (2.26.0)
      rack
    rollbar (2.11.3)
      multi_json
    rspec (3.3.0)
      rspec-core (~> 3.3.0)
      rspec-expectations (~> 3.3.0)
      rspec-mocks (~> 3.3.0)
    rspec-core (3.3.2)
      rspec-support (~> 3.3.0)
    rspec-expectations (3.3.1)
      diff-lcs (>= 1.2.0, < 2.0)
      rspec-support (~> 3.3.0)
    rspec-mocks (3.3.2)
      diff-lcs (>= 1.2.0, < 2.0)
      rspec-support (~> 3.3.0)
    rspec-support (3.3.0)
    safe_yaml (1.0.4)
    securecompare (1.0.0)
    simplecov (0.9.2)
      docile (~> 1.1.0)
      multi_json (~> 1.0)
      simplecov-html (~> 0.9.0)
    simplecov-html (0.9.0)
    symmetric-encryption (3.8.2)
      coercible (~> 1.0)
    thread_safe (0.3.6)
    tilt (1.4.1)
    tilt-jbuilder (0.6.1)
      jbuilder
      tilt (<= 1.5.0)
    timers (4.1.2)
      hitimes
    trollop (2.1.2)
    tzinfo (1.2.3)
      thread_safe (~> 0.1)
    url_safe_base64 (0.2.2)
    webmock (1.21.0)
      addressable (>= 2.3.6)
      crack (>= 0.3.2)
    websocket-driver (0.6.5)
      websocket-extensions (>= 0.1.0)
    websocket-extensions (0.1.2)

PLATFORMS
  ruby

DEPENDENCIES
  acme-client
  activesupport (~> 4.2)
  authority
  bcrypt
  celluloid (~> 0.17.3)
  dotenv
  faye-websocket (~> 0.10.7)
  httpclient (~> 2.3)
  json-jwt (= 1.5.2)
  json-serializer
  jsonpath
  kontena-websocket-client (~> 0.1.1)
  lru_redux (~> 1.1.0)
  mongoid (~> 5.2.1)
  mongoid-enum
  mongoid-rspec (~> 3.0.0)
  msgpack
  mutations
  puma
  rack (~> 2.0.0)
  rack-attack
  rack-test
  random_token
  rbtrace
  rerun
  roda (~> 2.26.0)
  rollbar
  rspec (~> 3.3.0)
  simplecov
  symmetric-encryption
  tilt-jbuilder
  webmock
  websocket-driver (~> 0.6.2)

BUNDLED WITH
   1.16.0
