GEM
  remote: https://rubygems.org/
  specs:
    activesupport (4.2.9)
      i18n (~> 0.7)
      minitest (~> 5.1)
      thread_safe (~> 0.3, >= 0.3.4)
      tzinfo (~> 1.1)
    addressable (2.5.1)
      public_suffix (~> 2.0, >= 2.0.2)
    celluloid (0.17.3)
      celluloid-essentials
      celluloid-extras
      celluloid-fsm
      celluloid-pool
      celluloid-supervision
      timers (>= 4.1.1)
    celluloid-essentials (0.20.5)
      timers (>= 4.1.1)
    celluloid-extras (0.20.5)
      timers (>= 4.1.1)
    celluloid-fsm (0.20.5)
      timers (>= 4.1.1)
    celluloid-pool (0.20.5)
      timers (>= 4.1.1)
    celluloid-supervision (0.20.5)
      timers (>= 4.1.1)
    crack (0.4.3)
      safe_yaml (~> 1.0.0)
    diff-lcs (1.3)
    docile (1.1.5)
    docker-api (1.33.6)
      excon (>= 0.38.0)
      json
    dotenv (2.2.1)
    etcd (0.3.0)
      mixlib-log
    excon (0.58.0)
    fluent-logger (0.6.2)
      msgpack (>= 0.5.6, < 2)
    hashdiff (0.3.4)
    hitimes (1.2.3)
    i18n (0.8.6)
    json (2.1.0)
    kontena-websocket-client (0.1.0)
      websocket-driver (~> 0.6.5)
    minitest (5.10.3)
    mixlib-log (1.6.0)
    msgpack (1.0.3)
    public_suffix (2.0.5)
    rake (12.0.0)
    rspec (3.6.0)
      rspec-core (~> 3.6.0)
      rspec-expectations (~> 3.6.0)
      rspec-mocks (~> 3.6.0)
    rspec-core (3.6.0)
      rspec-support (~> 3.6.0)
    rspec-expectations (3.6.0)
      diff-lcs (>= 1.2.0, < 2.0)
      rspec-support (~> 3.6.0)
    rspec-mocks (3.6.0)
      diff-lcs (>= 1.2.0, < 2.0)
      rspec-support (~> 3.6.0)
    rspec-support (3.6.0)
    safe_yaml (1.0.4)
    simplecov (0.14.1)
      docile (~> 1.1.0)
      json (>= 1.8, < 3)
      simplecov-html (~> 0.10.0)
    simplecov-html (0.10.1)
    statsd-ruby (1.3.0)
    thread_safe (0.3.6)
    timers (4.1.1)
      hitimes
    tzinfo (1.2.3)
      thread_safe (~> 0.1)
    vmstat (2.1.0)
    webmock (3.0.1)
      addressable (>= 2.3.6)
      crack (>= 0.3.2)
      hashdiff
    websocket-driver (0.6.5)
      websocket-extensions (>= 0.1.0)
    websocket-extensions (0.1.2)

PLATFORMS
  ruby

DEPENDENCIES
  activesupport (~> 4.2.0)
  celluloid (~> 0.17.3)
  docker-api (~> 1.33.0)
  dotenv
  etcd
  fluent-logger (~> 0.6.2)
  kontena-websocket-client (~> 0.1.0)
  msgpack (~> 1.0.3)
  rake
  rspec
  simplecov
  statsd-ruby
  vmstat
  webmock

BUNDLED WITH
   1.15.3
